FRAMEWORK: NET40, NET45
NUGET
  remote: https://www.nuget.org/api/v2
    LibGit2Sharp (0.22)
      LibGit2Sharp.NativeBinaries (1.0.129)
    LibGit2Sharp.NativeBinaries (1.0.129)
    Microsoft.AspNet.WebApi.Client (5.2.3)
      Newtonsoft.Json (>= 6.0.4) - framework: net45
    Microsoft.AspNet.WebApi.Core (5.2.3)
      Microsoft.AspNet.WebApi.Client (>= 5.2.3)
    Microsoft.IdentityModel.Clients.ActiveDirectory (3.13.5)
    Microsoft.TeamFoundationServer.Client (14.102)
      Microsoft.AspNet.WebApi.Client (>= 5.2.2) - framework: net45
      Microsoft.VisualStudio.Services.Client (14.102) - framework: net45
      Newtonsoft.Json (>= 6.0.8) - framework: net45
    Microsoft.TeamFoundationServer.ExtendedClient (14.102)
      Microsoft.AspNet.WebApi.Client (>= 5.2.2)
      Microsoft.AspNet.WebApi.Core (>= 5.2.2)
      Microsoft.IdentityModel.Clients.ActiveDirectory (>= 2.16.204221202)
      Microsoft.TeamFoundationServer.Client (14.102)
      Microsoft.VisualStudio.Services.Client (14.102)
      Microsoft.VisualStudio.Services.InteractiveClient (14.102)
      Newtonsoft.Json (>= 6.0.8)
      System.IdentityModel.Tokens.Jwt (>= 4.0)
    Microsoft.VisualStudio.Services.Client (14.102)
      Microsoft.AspNet.WebApi.Client (>= 5.2.2) - framework: net45
      Newtonsoft.Json (>= 6.0.8) - framework: net45
    Microsoft.VisualStudio.Services.InteractiveClient (14.102)
      Microsoft.AspNet.WebApi.Client (>= 5.2.2) - framework: net45
      Microsoft.IdentityModel.Clients.ActiveDirectory (>= 2.16.204221202) - framework: net45
      Microsoft.VisualStudio.Services.Client (14.102) - framework: net45
      Newtonsoft.Json (>= 6.0.8) - framework: net45
      System.IdentityModel.Tokens.Jwt (>= 4.0) - framework: net45
      WindowsAzure.ServiceBus (>= 2.5.1) - framework: net45
    Newtonsoft.Json (9.0.1)
    NLog (4.3.10)
    System.IdentityModel.Tokens.Jwt (5.0)
    WindowsAzure.ServiceBus (3.4) - framework: net45
    WixSharp (1.0.22.3) - framework: >= net40
    xunit (2.1)
      xunit.assert (2.1)
      xunit.core (2.1)
    xunit.abstractions (2.0) - framework: net45
    xunit.assert (2.1)
    xunit.core (2.1)
      xunit.extensibility.core (2.1) - framework: net45
      xunit.extensibility.execution (2.1) - framework: net45
    xunit.extensibility.core (2.1) - framework: net45
      xunit.abstractions (2.0)
    xunit.extensibility.execution (2.1) - framework: net45
      xunit.extensibility.core (2.1) - framework: net45
    xunit.runner.visualstudio (2.1)

GROUP Build
REDIRECTS: OFF
FRAMEWORK: NET45
NUGET
  remote: https://www.nuget.org/api/v2
    Cake (0.16.2)
    GitVersion.CommandLine (3.6.4)
    xunit.runner.console (2.1)
