RESTRICTION: == net462
NUGET
  remote: https://api.nuget.org/v3/index.json
    Ben.Demystifier (0.1.4)
      System.Reflection.Metadata (>= 1.5)
    Castle.Core (4.3.1)
    LibGit2Sharp (0.26.1)
      LibGit2Sharp.NativeBinaries (2.0.289)
    LibGit2Sharp.NativeBinaries (2.0.289)
    Microsoft.AspNet.WebApi.Client (5.2.3)
      Newtonsoft.Json (>= 6.0.4)
    Microsoft.AspNet.WebApi.Core (5.2.3)
      Microsoft.AspNet.WebApi.Client (>= 5.2.3)
    Microsoft.IdentityModel.Clients.ActiveDirectory (5.2.4)
      System.Net.Http (>= 4.3.4)
    Microsoft.IdentityModel.JsonWebTokens (5.6)
      Microsoft.IdentityModel.Tokens (>= 5.6)
      Newtonsoft.Json (>= 10.0.1)
    Microsoft.IdentityModel.Logging (5.6)
    Microsoft.IdentityModel.Tokens (5.6)
      Microsoft.IdentityModel.Logging (>= 5.6)
      Newtonsoft.Json (>= 10.0.1)
    Microsoft.TeamFoundation.DistributedTask.Common.Contracts (16.153)
      Microsoft.VisualStudio.Services.Client (16.153)
    Microsoft.TeamFoundationServer.Client (16.153)
      Microsoft.AspNet.WebApi.Client (>= 5.2.3)
      Microsoft.TeamFoundation.DistributedTask.Common.Contracts (16.153)
      Microsoft.VisualStudio.Services.Client (16.153)
      Newtonsoft.Json (>= 10.0.3)
    Microsoft.TeamFoundationServer.ExtendedClient (16.153)
      Microsoft.AspNet.WebApi.Client (>= 5.2.3)
      Microsoft.AspNet.WebApi.Core (>= 5.2.3)
      Microsoft.IdentityModel.Clients.ActiveDirectory (>= 3.19.4)
      Microsoft.TeamFoundationServer.Client (16.153)
      Microsoft.VisualStudio.Services.Client (16.153)
      Microsoft.VisualStudio.Services.InteractiveClient (16.153)
      Newtonsoft.Json (>= 10.0.3)
      System.IdentityModel.Tokens.Jwt (>= 5.2.4)
    Microsoft.VisualStudio.Services.Client (16.153)
      Microsoft.AspNet.WebApi.Client (>= 5.2.3)
      Microsoft.IdentityModel.Tokens (>= 5.2.4)
      Newtonsoft.Json (>= 10.0.3)
      System.IdentityModel.Tokens.Jwt (>= 5.2.4)
    Microsoft.VisualStudio.Services.InteractiveClient (16.153)
      Ben.Demystifier (>= 0.1.2)
      Microsoft.IdentityModel.Clients.ActiveDirectory (>= 3.19.4)
      Microsoft.IdentityModel.Logging (>= 5.2.4)
      Microsoft.IdentityModel.Tokens (>= 5.2.4)
      Microsoft.VisualStudio.Services.Client (16.153)
      Newtonsoft.Json (>= 10.0.3)
      System.IdentityModel.Tokens.Jwt (>= 5.2.4)
    Moq (4.10)
      Castle.Core (>= 4.3.1)
      System.Threading.Tasks.Extensions (>= 4.3)
      System.ValueTuple (>= 4.4)
    Newtonsoft.Json (12.0.3)
    NLog (4.5.10)
    structuremap (2.6.3)
    structuremap.automocking (2.6.3)
      structuremap (>= 2.6.2)
    System.Buffers (4.5)
    System.Collections.Immutable (1.7)
      System.Memory (>= 4.5.3)
    System.IdentityModel.Tokens.Jwt (5.6)
      Microsoft.IdentityModel.JsonWebTokens (>= 5.6)
      Microsoft.IdentityModel.Tokens (>= 5.6)
      Newtonsoft.Json (>= 10.0.1)
    System.Memory (4.5.3)
      System.Buffers (>= 4.4)
      System.Numerics.Vectors (>= 4.4)
      System.Runtime.CompilerServices.Unsafe (>= 4.5.2)
    System.Net.Http (4.3.4)
      System.Security.Cryptography.X509Certificates (>= 4.3)
    System.Numerics.Vectors (4.5)
    System.Reflection.Metadata (1.8)
      System.Collections.Immutable (>= 1.7)
    System.Runtime.CompilerServices.Unsafe (4.5.2)
    System.Security.Cryptography.Algorithms (4.3.1)
      System.Security.Cryptography.Primitives (>= 4.3)
    System.Security.Cryptography.Encoding (4.3)
    System.Security.Cryptography.Primitives (4.3)
    System.Security.Cryptography.X509Certificates (4.3.2)
      System.Security.Cryptography.Algorithms (>= 4.3)
      System.Security.Cryptography.Encoding (>= 4.3)
    System.Threading.Tasks.Extensions (4.5.1)
      System.Runtime.CompilerServices.Unsafe (>= 4.5)
    System.ValueTuple (4.5)
    xunit (2.4.1)
      xunit.analyzers (>= 0.10)
      xunit.assert (2.4.1)
      xunit.core (2.4.1)
    xunit.abstractions (2.0.3)
    xunit.analyzers (0.10)
    xunit.assert (2.4.1)
    xunit.core (2.4.1)
      xunit.extensibility.core (2.4.1)
      xunit.extensibility.execution (2.4.1)
    xunit.extensibility.core (2.4.1)
      xunit.abstractions (>= 2.0.3)
    xunit.extensibility.execution (2.4.1)
      xunit.extensibility.core (2.4.1)
    xunit.runner.visualstudio (2.4.1) - version_in_path: true

GROUP Build
REDIRECTS: OFF
RESTRICTION: == net45
NUGET
  remote: https://api.nuget.org/v3/index.json
    Cake (0.30)
    Cake.Git (0.19)
    GitVersion.CommandLine (3.6.5)
    Octokit (0.28)
    Octokit.CodeFormatter (1.0.0-preview)
    OpenCover (4.6.519)
    ReportGenerator (3.0.2)
    xunit.runner.console (2.4.1)
